GEM
  remote: https://rubygems.org/
  specs:
    csv (3.2.1)
    dotenv (2.7.6)

PLATFORMS
  ruby

DEPENDENCIES
  csv
  dotenv

BUNDLED WITH
   2.1.4
